GEM
  remote: https://rubygems.org/
  specs:
    addressable (2.3.4)
    backports (3.3.2)
    daemons (1.1.9)
    dalli (2.6.4)
    dotenv (0.8.0)
    em-websocket (0.5.0)
      eventmachine (>= 0.12.9)
      http_parser.rb (~> 0.5.3)
    event_emitter (0.2.5)
    eventmachine (1.0.3)
    faraday (0.8.7)
      multipart-post (~> 1.1)
    faraday_middleware (0.9.0)
      faraday (>= 0.7.4, < 0.9)
    foreman (0.63.0)
      dotenv (>= 0.7)
      thor (>= 0.13.6)
    haml (4.0.3)
      tilt
    hashie (2.0.5)
    http_parser.rb (0.5.3)
    httparty (0.11.0)
      multi_json (~> 1.0)
      multi_xml (>= 0.5.2)
    json (1.8.0)
    logger (1.2.8)
    multi_json (1.7.7)
    multi_xml (0.5.4)
    multipart-post (1.2.0)
    netrc (0.7.7)
    octokit (1.24.0)
      addressable (~> 2.2)
      faraday (~> 0.8)
      faraday_middleware (~> 0.9)
      hashie (~> 2.0)
      multi_json (~> 1.3)
      netrc (~> 0.7.7)
    rack (1.5.2)
    rack-protection (1.5.0)
      rack
    rack-test (0.6.2)
      rack (>= 1.0)
    sass (3.2.9)
    sinatra (1.4.3)
      rack (~> 1.4)
      rack-protection (~> 1.4)
      tilt (~> 1.3, >= 1.3.4)
    sinatra-cometio (0.5.8)
      event_emitter (>= 0.2.5)
      eventmachine (>= 1.0.0)
      httparty
      json (>= 1.7.0)
      sinatra (>= 1.3.0)
      sinatra-contrib (>= 1.3.2)
    sinatra-contrib (1.4.0)
      backports (>= 2.0)
      eventmachine
      rack-protection
      rack-test
      sinatra (~> 1.4.2)
      tilt (~> 1.3)
    sinatra-rocketio (0.2.6)
      event_emitter (>= 0.2.5)
      eventmachine (>= 1.0.0)
      hashie
      sinatra
      sinatra-cometio (>= 0.5.6)
      sinatra-websocketio (>= 0.3.0)
    sinatra-websocketio (0.3.3)
      em-websocket (>= 0.5.0)
      event_emitter (>= 0.2.4)
      eventmachine (>= 1.0.0)
      json (>= 1.7.0)
      sinatra (>= 1.3.0)
      sinatra-contrib (>= 1.3.2)
      websocket-client-simple
    thin (1.5.1)
      daemons (>= 1.0.9)
      eventmachine (>= 0.12.6)
      rack (>= 1.0.0)
    thor (0.18.1)
    tilt (1.4.1)
    websocket (1.0.7)
    websocket-client-simple (0.0.5)
      event_emitter
      websocket

PLATFORMS
  ruby

DEPENDENCIES
  dalli
  foreman
  haml
  hashie
  httparty
  json
  logger
  octokit
  sass
  sinatra-contrib
  sinatra-rocketio
  thin
